GIT
  remote: https://github.com/adaoraul/rack-jekyll.git
  revision: 4a77cbb4e4ef44fc5b13eccb7c9f53c940d35637
  specs:
    rack-jekyll (0.4.1)
      jekyll (>= 0.12.0, < 2.0)
      rack (~> 1.5.0)

GEM
  remote: https://rubygems.org/
  specs:
    classifier (1.3.3)
      fast-stemmer (>= 1.0.0)
    coderay (1.1.0)
    colorator (0.1)
    commander (4.1.5)
      highline (~> 1.6.11)
    css_press (0.3.2)
      csspool-st (= 3.1.2)
      json
    csspool-st (3.1.2)
    directory_watcher (1.4.1)
    execjs (2.0.2)
    fast-stemmer (1.0.2)
    flickraw (0.9.6)
    flickraw-cached (20120701)
      flickraw (>= 0.9)
    highline (1.6.20)
    html_press (0.8.2)
      htmlentities
      multi_css (>= 0.1.0)
      multi_js (>= 0.1.0)
    htmlentities (4.3.1)
    jekyll (1.2.1)
      classifier (~> 1.3)
      colorator (~> 0.1)
      commander (~> 4.1.3)
      directory_watcher (~> 1.4.1)
      liquid (~> 2.5.2)
      maruku (~> 0.5)
      pygments.rb (~> 0.5.0)
      redcarpet (~> 2.3.0)
      safe_yaml (~> 0.7.0)
    json (1.8.1)
    kgio (2.8.1)
    kramdown (1.2.0)
    liquid (2.5.3)
    maruku (0.7.0)
    multi_css (0.1.0)
      css_press
    multi_js (0.1.0)
      uglifier (~> 2)
    newrelic_rpm (3.6.8.168)
    posix-spawn (0.3.6)
    pygmentize (0.0.3)
    pygments.rb (0.5.2)
      posix-spawn (~> 0.3.6)
      yajl-ruby (~> 1.1.0)
    rack (1.5.2)
    rack-cache (1.2)
      rack (>= 0.4)
    raindrops (0.12.0)
    redcarpet (2.3.0)
    safe_yaml (0.7.1)
    uglifier (2.3.0)
      execjs (>= 0.3.0)
      json (>= 1.8.0)
    unicorn (4.6.3)
      kgio (~> 2.6)
      rack
      raindrops (~> 0.7)
    yajl-ruby (1.1.0)

PLATFORMS
  ruby

DEPENDENCIES
  coderay
  css_press
  flickraw-cached
  html_press
  jekyll
  json
  kramdown
  liquid
  newrelic_rpm
  pygmentize
  rack
  rack-cache
  rack-jekyll!
  uglifier
  unicorn
