GIT
  remote: https://github.com/adaoraul/rack-jekyll.git
  revision: 9ab9614be6a284dfd8e8c8e0c79011221c2ac8d9
  specs:
    rack-jekyll (0.4.0)
      jekyll (~> 0.11.0)
      rack (~> 1.4.1)

GEM
  remote: http://rubygems.org/
  specs:
    albino (1.3.3)
      posix-spawn (>= 0.3.6)
    classifier (1.3.3)
      fast-stemmer (>= 1.0.0)
    coderay (1.0.8)
    css_press (0.3.2)
      csspool-st (= 3.1.2)
      json
    csspool-st (3.1.2)
    directory_watcher (1.4.1)
    execjs (1.4.0)
      multi_json (~> 1.0)
    fast-stemmer (1.0.1)
    html_press (0.8.0)
      htmlentities
      multi_css (>= 0.1.0)
      uglifier
    htmlentities (4.3.1)
    jekyll (0.11.2)
      albino (~> 1.3)
      classifier (~> 1.3)
      directory_watcher (~> 1.1)
      kramdown (~> 0.13)
      liquid (~> 2.3)
      maruku (~> 0.5)
    json (1.7.5)
    kgio (2.7.4)
    kramdown (0.14.1)
    liquid (2.4.1)
    maruku (0.6.1)
      syntax (>= 1.0.0)
    multi_css (0.1.0)
      css_press
    multi_json (1.5.0)
    newrelic_rpm (3.5.4.34)
    posix-spawn (0.3.6)
    rack (1.4.1)
    rack-cache (1.2)
      rack (>= 0.4)
    raindrops (0.10.0)
    syntax (1.0.0)
    uglifier (1.3.0)
      execjs (>= 0.3.0)
      multi_json (~> 1.0, >= 1.0.2)
    unicorn (4.5.0)
      kgio (~> 2.6)
      rack
      raindrops (~> 0.7)

PLATFORMS
  ruby

DEPENDENCIES
  coderay
  css_press
  html_press
  jekyll (~> 0.11.2)
  kramdown
  liquid
  newrelic_rpm
  rack
  rack-cache
  rack-jekyll!
  uglifier
  unicorn
