GIT
  remote: https://github.com/adaoraul/rack-jekyll.git
  revision: 0d482e421eefd29802dbbf3248dd4db501e59bef
  specs:
    rack-jekyll (0.4.0)
      jekyll (~> 0.11.0)
      rack (~> 1.4.1)

GEM
  remote: http://rubygems.org/
  specs:
    albino (1.3.3)
      posix-spawn (>= 0.3.6)
    classifier (1.3.3)
      fast-stemmer (>= 1.0.0)
    coderay (1.0.7)
    css_press (0.3.2)
      csspool-st (= 3.1.2)
      json
    csspool-st (3.1.2)
    directory_watcher (1.4.1)
    execjs (1.4.0)
      multi_json (~> 1.0)
    fast-stemmer (1.0.1)
    html_press (0.6.7)
      css_press (>= 0.3.2)
      htmlentities
      uglifier
    htmlentities (4.3.1)
    jekyll (0.11.2)
      albino (~> 1.3)
      classifier (~> 1.3)
      directory_watcher (~> 1.1)
      kramdown (~> 0.13)
      liquid (~> 2.3)
      maruku (~> 0.5)
    json (1.7.5)
    kgio (2.7.4)
    kramdown (0.13.8)
    liquid (2.4.1)
    maruku (0.6.0)
      syntax (>= 1.0.0)
    multi_json (1.3.6)
    newrelic_rpm (3.4.2)
    posix-spawn (0.3.6)
    rack (1.4.1)
    rack-cache (1.2)
      rack (>= 0.4)
    raindrops (0.10.0)
    syntax (1.0.0)
    uglifier (1.3.0)
      execjs (>= 0.3.0)
      multi_json (~> 1.0, >= 1.0.2)
    unicorn (4.3.1)
      kgio (~> 2.6)
      rack
      raindrops (~> 0.7)

PLATFORMS
  ruby

DEPENDENCIES
  coderay
  css_press
  html_press
  kramdown
  liquid
  newrelic_rpm
  rack
  rack-cache
  rack-jekyll!
  uglifier
  unicorn
