GIT
  remote: https://github.com/adaoraul/rack-jekyll.git
  revision: 0d482e421eefd29802dbbf3248dd4db501e59bef
  specs:
    rack-jekyll (0.4.0)
      jekyll (~> 0.11.0)
      rack (~> 1.4.1)

GEM
  remote: http://rubygems.org/
  specs:
    RedCloth (4.2.9)
    albino (1.3.3)
      posix-spawn (>= 0.3.6)
    classifier (1.3.3)
      fast-stemmer (>= 1.0.0)
    coderay (1.0.7)
    dalli (2.1.0)
    directory_watcher (1.4.1)
    fast-stemmer (1.0.1)
    jekyll (0.11.2)
      albino (~> 1.3)
      classifier (~> 1.3)
      directory_watcher (~> 1.1)
      kramdown (~> 0.13)
      liquid (~> 2.3)
      maruku (~> 0.5)
    kgio (2.7.4)
    kramdown (0.13.7)
    liquid (2.4.1)
    maruku (0.6.0)
      syntax (>= 1.0.0)
    memcachier (0.0.1)
    newrelic_rpm (3.4.1)
    posix-spawn (0.3.6)
    rack (1.4.1)
    rack-cache (1.2)
      rack (>= 0.4)
    rack-contrib (1.1.0)
      rack (>= 0.9.1)
    raindrops (0.10.0)
    rake (0.9.2.2)
    syntax (1.0.0)
    unicorn (4.3.1)
      kgio (~> 2.6)
      rack
      raindrops (~> 0.7)

PLATFORMS
  ruby

DEPENDENCIES
  RedCloth
  coderay
  dalli
  kramdown
  liquid
  memcachier
  newrelic_rpm
  rack
  rack-cache
  rack-contrib
  rack-jekyll!
  rake
  unicorn
