GIT
  remote: https://github.com/adaoraul/rack-jekyll.git
  revision: 4a77cbb4e4ef44fc5b13eccb7c9f53c940d35637
  specs:
    rack-jekyll (0.4.1)
      jekyll (>= 0.12.0, < 2.0)
      rack (~> 1.5.0)

GEM
  remote: https://rubygems.org/
  specs:
    classifier (1.3.3)
      fast-stemmer (>= 1.0.0)
    coderay (1.1.0)
    colorator (0.1)
    commander (4.1.5)
      highline (~> 1.6.11)
    directory_watcher (1.4.1)
    fast-stemmer (1.0.2)
    highline (1.6.19)
    jekyll (1.1.2)
      classifier (~> 1.3)
      colorator (~> 0.1)
      commander (~> 4.1.3)
      directory_watcher (~> 1.4.1)
      kramdown (~> 1.0.2)
      liquid (~> 2.5.1)
      maruku (~> 0.5)
      pygments.rb (~> 0.5.0)
      redcarpet (~> 2.2.2)
      safe_yaml (~> 0.7.0)
    kgio (2.8.0)
    kramdown (1.0.2)
    liquid (2.5.1)
    maruku (0.6.1)
      syntax (>= 1.0.0)
    newrelic_rpm (3.6.6.147)
    posix-spawn (0.3.6)
    pygmentize (0.0.3)
    pygments.rb (0.5.2)
      posix-spawn (~> 0.3.6)
      yajl-ruby (~> 1.1.0)
    rack (1.5.2)
    rack-cache (1.2)
      rack (>= 0.4)
    raindrops (0.11.0)
    redcarpet (2.2.2)
    safe_yaml (0.7.1)
    syntax (1.0.0)
    unicorn (4.6.3)
      kgio (~> 2.6)
      rack
      raindrops (~> 0.7)
    yajl-ruby (1.1.0)

PLATFORMS
  ruby

DEPENDENCIES
  coderay
  jekyll
  kramdown
  liquid
  newrelic_rpm
  pygmentize
  rack
  rack-cache
  rack-jekyll!
  unicorn
